GEM
  remote: http://rubygems.org/
  specs:
    activesupport (4.2.6)
      i18n (~> 0.7)
      json (~> 1.7, >= 1.7.7)
      minitest (~> 5.1)
      thread_safe (~> 0.3, >= 0.3.4)
      tzinfo (~> 1.1)
    audio-playback (0.0.5)
      ffi-libc (~> 0.1, >= 0.1.0)
      ffi-portaudio (~> 0.1, >= 0.1.2)
      ruby-audio (~> 1.6, >= 1.6.1)
    ffi (1.11.1)
    ffi-libc (0.1.0)
      ffi (~> 1.0)
    ffi-portaudio (0.1.2)
      ffi
    file-tail (1.1.1)
      tins (~> 1.0)
    i18n (0.7.0)
    json (1.8.3)
    mini_portile2 (2.4.0)
    minitest (5.9.0)
    nokogiri (1.10.8)
      mini_portile2 (~> 2.4.0)
    os (0.9.6)
    ruby-audio (1.6.1)
    sqlite3 (1.3.11)
    thread_safe (0.3.5)
    tins (1.10.1)
    tzinfo (1.2.2)
      thread_safe (~> 0.1)

PLATFORMS
  ruby

DEPENDENCIES
  activesupport
  audio-playback
  bundler
  file-tail
  nokogiri
  os
  ruby-audio
  sqlite3

BUNDLED WITH
   1.12.3
